GEM
  remote: https://rubygems.org/
  specs:
    haml (4.0.7)
      tilt
    json (2.0.1)
    rack (1.6.4)
    rack-protection (1.5.3)
      rack
    sinatra (1.4.7)
      rack (~> 1.5)
      rack-protection (~> 1.4)
      tilt (>= 1.3, < 3)
    sinatra-partial (1.0.0)
      sinatra (~> 1.4)
    tilt (2.0.2)

PLATFORMS
  ruby

DEPENDENCIES
  haml
  json
  sinatra
  sinatra-partial (= 1.0.0)

BUNDLED WITH
   1.11.2
